GEM
  remote: http://rubygems.org/
  specs:
    diff-lcs (1.1.3)
    execjs (1.4.0)
      multi_json (~> 1.0)
    file-tail (1.0.12)
      tins (~> 0.5)
    gzip (1.0)
    jshintrb (0.2.1)
      execjs
      multi_json (>= 1.3)
      rake
    listen (0.5.3)
    multi_json (1.3.6)
    rake (0.9.2.2)
    rspec (2.11.0)
      rspec-core (~> 2.11.0)
      rspec-expectations (~> 2.11.0)
      rspec-mocks (~> 2.11.0)
    rspec-core (2.11.1)
    rspec-expectations (2.11.3)
      diff-lcs (~> 1.1.3)
    rspec-mocks (2.11.3)
    ruby2ruby (1.3.1)
      ruby_parser (~> 2.0)
      sexp_processor (~> 3.0)
    ruby_parser (2.3.1)
      sexp_processor (~> 3.0)
    sexp_processor (3.2.0)
    sourcify (0.4.2)
      file-tail (>= 1.0.5)
      ruby2ruby (>= 1.2.5)
      sexp_processor (>= 3.0.5)
    thor (0.16.0)
    tins (0.6.0)
    uglifier (1.3.0)
      execjs (>= 0.3.0)
      multi_json (~> 1.0, >= 1.0.2)

PLATFORMS
  ruby

DEPENDENCIES
  gzip
  jshintrb
  listen
  rspec
  sourcify
  thor
  uglifier
